GEM
  remote: https://rubygems.org/
  specs:
    active_support (3.0.0)
      activesupport (= 3.0.0)
    activesupport (3.0.0)
    autotest-standalone (4.5.9)
    awesome_print (1.1.0)
    i18n (0.6.1)
    looksee (1.0.3-java)
    metaclass (0.0.1)
    mocha (0.12.6)
      metaclass (~> 0.0.1)
    redgreen (1.2.2)
    wirble (0.1.3)

PLATFORMS
  java

DEPENDENCIES
  active_support
  autotest-standalone
  awesome_print
  i18n
  looksee
  mocha
  redgreen
  wirble
