GEM
  remote: https://rubygems.org/
  specs:
    active_support (3.0.0)
      activesupport (= 3.0.0)
    activesupport (3.0.0)
    awesome_print (1.1.0)
    looksee (1.0.3-java)
    wirble (0.1.3)

PLATFORMS
  java

DEPENDENCIES
  active_support
  awesome_print
  looksee
  wirble
