GEM
  remote: https://rubygems.org/
  specs:
    active_support (3.0.0)
      activesupport (= 3.0.0)
    activesupport (3.0.0)
    awesome_print (1.1.0)
    columnize (0.3.6)
    i18n (0.6.1)
    linecache (0.46-java)
    looksee (1.0.3-java)
    metaclass (0.0.1)
    mocha (0.12.6)
      metaclass (~> 0.0.1)
    rcov (0.9.11-java)
    redgreen (1.2.2)
    redis (3.0.2)
    ruby-debug (0.10.4)
      columnize (>= 0.1)
      ruby-debug-base (~> 0.10.4.0)
    ruby-debug-base (0.10.4)
      linecache (>= 0.3)
    ruby-debug-base (0.10.4-java)
    rufus-scheduler (2.0.17)
      tzinfo (>= 0.3.23)
    tzinfo (0.3.33)
    wirble (0.1.3)

PLATFORMS
  java

DEPENDENCIES
  active_support
  awesome_print
  i18n
  looksee
  mocha
  rcov (= 0.9.11)
  redgreen
  redis
  ruby-debug
  rufus-scheduler
  wirble
