GEM
  remote: http://rubygems.org/
  specs:
    activemodel (3.2.8)
      activesupport (= 3.2.8)
      builder (~> 3.0.0)
    activerecord (3.2.8)
      activemodel (= 3.2.8)
      activesupport (= 3.2.8)
      arel (~> 3.0.2)
      tzinfo (~> 0.3.29)
    activesupport (3.2.8)
      i18n (~> 0.6)
      multi_json (~> 1.0)
    arel (3.0.2)
    builder (3.0.0)
    git (1.2.5)
    i18n (0.6.0)
    ib-ruby (0.8.5)
      activerecord (>= 3.2.0)
      bundler (>= 1.1.3)
      standalone_migrations
      xml-simple (>= 1.1.1)
    jeweler (1.8.4)
      bundler (~> 1.0)
      git (>= 1.2.5)
      rake
      rdoc
    json (1.7.4)
    multi_json (1.3.6)
    rake (0.9.2.2)
    rdoc (3.12)
      json (~> 1.4)
    standalone_migrations (1.0.10)
      activerecord (>= 3)
      rake
    tzinfo (0.3.33)
    xml-simple (1.1.1)

PLATFORMS
  ruby

DEPENDENCIES
  bundler
  ib-ruby
  jeweler (~> 1.8.4)
  rdoc (~> 3.12)
